GEM
  remote: https://rubygems.org/
  specs:
    ceedling (0.31.1)
      constructor (~> 2)
      deep_merge (~> 1.2)
      rake (>= 12, < 14)
      thor (~> 0.14)
    coderay (1.1.3)
    constructor (2.0.0)
    deep_merge (1.2.2)
    ffi (1.17.2-aarch64-linux-gnu)
    ffi (1.17.2-arm64-darwin)
    ffi (1.17.2-x86_64-linux-gnu)
    formatador (1.2.2)
      reline
    guard (2.19.0)
      formatador (>= 0.2.4)
      listen (>= 2.7, < 4.0)
      lumberjack (>= 1.0.12, < 2.0)
      nenv (~> 0.1)
      notiffany (~> 0.0)
      pry (>= 0.13.0)
      shellany (~> 0.0)
      thor (>= 0.18.1)
    guard-rake (1.0.0)
      guard
      rake
    io-console (0.8.1)
    listen (3.9.0)
      rb-fsevent (~> 0.10, >= 0.10.3)
      rb-inotify (~> 0.9, >= 0.9.10)
    lumberjack (1.4.2)
    method_source (1.1.0)
    nenv (0.3.0)
    notiffany (0.1.3)
      nenv (~> 0.1)
      shellany (~> 0.0)
    pry (0.15.2)
      coderay (~> 1.1)
      method_source (~> 1.0)
    rake (13.3.1)
    rb-fsevent (0.11.2)
    rb-inotify (0.11.1)
      ffi (~> 1.0)
    reline (0.6.2)
      io-console (~> 0.5)
    shellany (0.0.1)
    thor (0.20.3)

PLATFORMS
  aarch64-linux
  arm64-darwin-22
  x86_64-linux

DEPENDENCIES
  ceedling (= 0.31.1)
  guard (= 2.19.0)
  guard-rake (= 1.0.0)
  rake (= 13.3.1)

BUNDLED WITH
   2.6.2
